PATH
  remote: ../tails
  specs:
    tails (0.1.0)
      rake (~> 10.0)

GEM
  remote: https://rubygems.org/
  specs:
    rack (2.0.6)
    rake (10.5.0)

PLATFORMS
  ruby

DEPENDENCIES
  rack
  tails!

BUNDLED WITH
   1.16.1
