PATH
  remote: ../tails
  specs:
    tails (0.1.0)
      erubis
      multi_json
      rack
      rake (~> 10.0)
      sqlite3

GEM
  remote: https://rubygems.org/
  specs:
    erubis (2.7.0)
    ffi (1.9.25)
    listen (1.3.1)
      rb-fsevent (>= 0.9.3)
      rb-inotify (>= 0.9)
      rb-kqueue (>= 0.2)
    multi_json (1.13.1)
    rack (2.0.6)
    rake (10.5.0)
    rb-fsevent (0.10.3)
    rb-inotify (0.10.0)
      ffi (~> 1.0)
    rb-kqueue (0.2.5)
      ffi (>= 0.5.0)
    rerun (0.8.1)
      listen (>= 1.0.3)
    sqlite3 (1.3.13)

PLATFORMS
  ruby

DEPENDENCIES
  listen (= 1.3.1)
  rerun
  tails!

BUNDLED WITH
   1.16.1
