GEM
  remote: https://rubygems.org/
  specs:
    rake (10.5.0)
    tails (0.1.0)
      rake (~> 10.0)

PLATFORMS
  ruby

DEPENDENCIES
  tails

BUNDLED WITH
   1.16.1
